GEM
  remote: https://rubygems.org/
  specs:
    timeout (0.3.0)

PLATFORMS
  x86_64-linux

DEPENDENCIES
  timeout

BUNDLED WITH
   2.3.16
